NUGET
  remote: https://www.nuget.org/api/v2
    FAKE (4.45.1)
    NUnit (3.5)
    NUnit.ConsoleRunner (3.5)
